{
  "PowerLineFrequency": 60,
  "SoftwareFilters": {
    "FilterDescription": {
      "Description": "0.1–100 Hz and 60-Hz Notch filter"
    }
  },
  "SoftwareVersions": "OpenVibe 3.3.1.",
  "ManufacturersModelName": "USBAMP RESEARCH",
  "EEGPlacementScheme": "10-20",
  "EEGGround": "Fpz",
  "EEGReference": "Left earlobe",
  "CapManufacturer": "gTec",
  "InstitutionAddress": "Ave. Eugenio Garza Sada 2501 Sur, Col: Tecnológico, Monterrey, N.L., México, 64700.",
  "InstitutionName": "Tecnológico de Monterrey",
  "TaskName": "SmartickDataset",
  "EEGChannelCount": 32,
  "RecordingType": "continuous",
  "RecordingDuration": 199.33984375,
  "SamplingFrequency": 256
}